PATH
  remote: .
  specs:
    filter_decrufter (0.0.5)

GEM
  remote: https://rubygems.org/
  specs:
    metaclass (0.0.4)
    minitest (5.5.1)
    mocha (0.14.0)
      metaclass (~> 0.0.1)
    rake (10.4.2)

PLATFORMS
  ruby

DEPENDENCIES
  filter_decrufter!
  minitest (~> 5.0)
  mocha (~> 0.14)
  rake (~> 10.1)
